PATH
  remote: .
  specs:
    test-cli (0.1.0)

GEM
  remote: https://rubygems.org/
  specs:
    mini_portile2 (2.5.1)
    nokogiri (1.11.5)
      mini_portile2 (~> 2.5.0)
      racc (~> 1.4)
    racc (1.5.2)
    rake (10.5.0)

PLATFORMS
  ruby

DEPENDENCIES
  bundler (~> 2.0)
  nokogiri
  rake (~> 10.0)
  test-cli!

BUNDLED WITH
   2.0.1
